GEM
  remote: http://rubygems.org/
  specs:
    ast (2.3.0)
    backports (3.6.8)
    diff-lcs (1.2.5)
    faraday (0.9.2)
      multipart-post (>= 1.2, < 3)
    faraday_middleware (0.10.0)
      faraday (>= 0.7.4, < 0.10)
    haml (4.0.7)
      tilt
    hashie (3.4.4)
    multi_json (1.12.1)
    multipart-post (2.0.0)
    parser (2.3.1.2)
      ast (~> 2.2)
    pocket-ruby (0.0.6)
      faraday (>= 0.7)
      faraday_middleware (~> 0.9)
      hashie (>= 0.4.0)
      multi_json (~> 1.0, >= 1.0.3)
    powerpack (0.1.1)
    rack (1.6.4)
    rack-protection (1.5.3)
      rack
    rack-test (0.6.3)
      rack (>= 1.0)
    rainbow (2.1.0)
    rake (11.2.2)
    rspec (3.5.0)
      rspec-core (~> 3.5.0)
      rspec-expectations (~> 3.5.0)
      rspec-mocks (~> 3.5.0)
    rspec-core (3.5.1)
      rspec-support (~> 3.5.0)
    rspec-expectations (3.5.0)
      diff-lcs (>= 1.2.0, < 2.0)
      rspec-support (~> 3.5.0)
    rspec-mocks (3.5.0)
      diff-lcs (>= 1.2.0, < 2.0)
      rspec-support (~> 3.5.0)
    rspec-support (3.5.0)
    rubocop (0.41.2)
      parser (>= 2.3.1.1, < 3.0)
      powerpack (~> 0.1)
      rainbow (>= 1.99.1, < 3.0)
      ruby-progressbar (~> 1.7)
      unicode-display_width (~> 1.0, >= 1.0.1)
    ruby-progressbar (1.8.1)
    sinatra (1.4.7)
      rack (~> 1.5)
      rack-protection (~> 1.4)
      tilt (>= 1.3, < 3)
    sinatra-contrib (1.4.7)
      backports (>= 2.0)
      multi_json
      rack-protection
      rack-test
      sinatra (~> 1.4.0)
      tilt (>= 1.3, < 3)
    tilt (2.0.5)
    unicode-display_width (1.1.0)

PLATFORMS
  ruby

DEPENDENCIES
  haml
  pocket-ruby (>= 0.0.5)
  rake
  rspec
  rubocop
  sinatra
  sinatra-contrib

BUNDLED WITH
   1.11.2
