GEM
  remote: http://rubygems.org/
  specs:
    backports (3.6.6)
    diff-lcs (1.2.5)
    faraday (0.9.2)
      multipart-post (>= 1.2, < 3)
    faraday_middleware (0.10.0)
      faraday (>= 0.7.4, < 0.10)
    haml (4.0.7)
      tilt
    hashie (3.4.2)
    multi_json (1.11.2)
    multipart-post (2.0.0)
    pocket-ruby (0.0.6)
      faraday (>= 0.7)
      faraday_middleware (~> 0.9)
      hashie (>= 0.4.0)
      multi_json (~> 1.0, >= 1.0.3)
    rack (1.6.4)
    rack-protection (1.5.3)
      rack
    rack-test (0.6.3)
      rack (>= 1.0)
    rake (10.4.2)
    rspec (3.3.0)
      rspec-core (~> 3.3.0)
      rspec-expectations (~> 3.3.0)
      rspec-mocks (~> 3.3.0)
    rspec-core (3.3.2)
      rspec-support (~> 3.3.0)
    rspec-expectations (3.3.1)
      diff-lcs (>= 1.2.0, < 2.0)
      rspec-support (~> 3.3.0)
    rspec-mocks (3.3.2)
      diff-lcs (>= 1.2.0, < 2.0)
      rspec-support (~> 3.3.0)
    rspec-support (3.3.0)
    sinatra (1.4.6)
      rack (~> 1.4)
      rack-protection (~> 1.4)
      tilt (>= 1.3, < 3)
    sinatra-contrib (1.4.2)
      backports (>= 2.0)
      multi_json
      rack-protection
      rack-test
      sinatra (~> 1.4.0)
      tilt (~> 1.3)
    tilt (1.4.1)

PLATFORMS
  ruby

DEPENDENCIES
  haml
  pocket-ruby (>= 0.0.5)
  rake
  rspec
  sinatra
  sinatra-contrib

BUNDLED WITH
   1.10.6
